GEM
  remote: https://rubygems.org/
  specs:
    rack (1.6.4)
    rack-protection (1.5.3)
      rack
    sinatra (1.4.7)
      rack (~> 1.5)
      rack-protection (~> 1.4)
      tilt (>= 1.3, < 3)
    tilt (2.0.5)
    triez (1.0.4)
    will_paginate (3.1.3)

PLATFORMS
  ruby

DEPENDENCIES
  sinatra
  triez
  will_paginate

BUNDLED WITH
   1.13.1
