GEM
  remote: https://rubygems.org/
  specs:
    triez (1.0.4)

PLATFORMS
  ruby

DEPENDENCIES
  triez

BUNDLED WITH
   1.13.1
